GEM
  remote: https://rubygems.org/
  specs:
    concurrent-ruby (1.2.2)
    connection_pool (2.4.0)
    ffi (1.15.5-java)
    listen (3.8.0)
      rb-fsevent (~> 0.10, >= 0.10.3)
      rb-inotify (~> 0.9, >= 0.9.10)
    parallel (1.23.0)
    rb-fsevent (0.11.2)
    rb-inotify (0.10.1)
      ffi (~> 1.0)

PLATFORMS
  java
  universal-java-1.8

DEPENDENCIES
  concurrent-ruby (~> 1.2)
  connection_pool (~> 2.4)
  listen (~> 3.8)
  parallel (~> 1.23)

BUNDLED WITH
   2.4.13
